GEM
  remote: https://rubygems.org/
  specs:
    active_model_serializers (0.8.2)
      activemodel (>= 3.0)
    activemodel (4.1.6)
      activesupport (= 4.1.6)
      builder (~> 3.1)
    activesupport (4.1.6)
      i18n (~> 0.6, >= 0.6.9)
      json (~> 1.7, >= 1.7.7)
      minitest (~> 5.1)
      thread_safe (~> 0.1)
      tzinfo (~> 1.1)
    builder (3.2.2)
    i18n (0.6.11)
    json (1.8.1)
    minitest (5.4.2)
    oj (2.10.3)
    oj_mimic_json (1.0.1)
    thread_safe (0.3.4)
    tzinfo (1.2.2)
      thread_safe (~> 0.1)

PLATFORMS
  ruby

DEPENDENCIES
  active_model_serializers (~> 0.8.2)
  activemodel (~> 4.1.6)
  activesupport (~> 4.1.6)
  oj (= 2.10.3)
  oj_mimic_json (~> 1.0.1)
